PATH
  remote: .
  specs:
    whiskers (0.0.1)
      bitters (~> 1.2)
      bourbon (~> 4.2)
      neat (~> 1.7)
      sass (~> 3.4)
      thor (~> 0.19)

GEM
  remote: https://rubygems.org/
  specs:
    bitters (1.2.0)
      bourbon (>= 4.2)
      sass (>= 3.4)
      thor
    bourbon (4.2.7)
      sass (~> 3.4)
      thor (~> 0.19)
    neat (1.7.4)
      bourbon (>= 4.0)
      sass (>= 3.3)
    sass (3.4.21)
    thor (0.19.1)

PLATFORMS
  ruby

DEPENDENCIES
  whiskers!

BUNDLED WITH
   1.10.6
